GEM
  remote: http://ruby.taobao.org/
  specs:
    actionmailer (3.2.13)
      actionpack (= 3.2.13)
      mail (~> 2.5.3)
    actionpack (3.2.13)
      activemodel (= 3.2.13)
      activesupport (= 3.2.13)
      builder (~> 3.0.0)
      erubis (~> 2.7.0)
      journey (~> 1.0.4)
      rack (~> 1.4.5)
      rack-cache (~> 1.2)
      rack-test (~> 0.6.1)
      sprockets (~> 2.2.1)
    activemodel (3.2.13)
      activesupport (= 3.2.13)
      builder (~> 3.0.0)
    activerecord (3.2.13)
      activemodel (= 3.2.13)
      activesupport (= 3.2.13)
      arel (~> 3.0.2)
      tzinfo (~> 0.3.29)
    activeresource (3.2.13)
      activemodel (= 3.2.13)
      activesupport (= 3.2.13)
    activesupport (3.2.13)
      i18n (= 0.6.1)
      multi_json (~> 1.0)
    acts_as_list (0.2.0)
      activerecord (>= 3.0)
    addressable (2.3.5)
    ansi (1.4.3)
    arel (3.0.2)
    bcrypt-ruby (3.1.0)
    bson (1.9.0)
    bson_ext (1.9.0)
      bson (~> 1.9.0)
    builder (3.0.4)
    capistrano (2.15.5)
      highline
      net-scp (>= 1.0.0)
      net-sftp (>= 2.0.0)
      net-ssh (>= 2.0.14)
      net-ssh-gateway (>= 1.1.0)
    carrierwave (0.8.0)
      activemodel (>= 3.2.0)
      activesupport (>= 3.2.0)
    carrierwave-aliyun (0.1.5)
      carrierwave (>= 0.5.7)
      rest-client (>= 1.6.7)
    carrierwave-mongoid (0.5.0)
      carrierwave (~> 0.8.0)
      mongoid (~> 3.0)
      mongoid-grid_fs (~> 1.3)
    coderay (1.0.9)
    coffee-rails (3.2.2)
      coffee-script (>= 2.2.0)
      railties (~> 3.2.0)
    coffee-script (2.2.0)
      coffee-script-source
      execjs
    coffee-script-source (1.6.3)
    commonjs (0.2.6)
    crack (0.4.0)
      safe_yaml (~> 0.9.0)
    daemons (1.1.9)
    devise (2.2.4)
      bcrypt-ruby (~> 3.0)
      orm_adapter (~> 0.1)
      railties (~> 3.1)
      warden (~> 1.2.1)
    diff-lcs (1.2.4)
    erubis (2.7.0)
    eventmachine (1.0.3)
    execjs (1.4.0)
      multi_json (~> 1.0)
    factory_girl (4.2.0)
      activesupport (>= 3.0.0)
    factory_girl_rails (4.2.1)
      factory_girl (~> 4.2.0)
      railties (>= 3.0.0)
    faraday (0.8.7)
      multipart-post (~> 1.1)
    git (1.2.5)
    github_api (0.10.1)
      addressable
      faraday (~> 0.8.1)
      hashie (>= 1.2)
      multi_json (~> 1.4)
      nokogiri (~> 1.5.2)
      oauth2
    hashie (2.0.5)
    hashr (0.0.22)
    highline (1.6.19)
    hike (1.2.3)
    htmldiff (0.0.1)
    httparty (0.11.0)
      multi_json (~> 1.0)
      multi_xml (>= 0.5.2)
    i18n (0.6.1)
    jeweler (1.8.6)
      builder
      bundler (~> 1.0)
      git (>= 1.2.5)
      github_api (= 0.10.1)
      highline (>= 1.6.15)
      nokogiri (= 1.5.10)
      rake
      rdoc
    journey (1.0.4)
    jquery-rails (2.0.2)
      railties (>= 3.2.0, < 5.0)
      thor (~> 0.14)
    json (1.8.0)
    kaminari (0.14.1)
      actionpack (>= 3.0.0)
      activesupport (>= 3.0.0)
    less (2.3.2)
      commonjs (~> 0.2.6)
    less-rails (2.3.3)
      actionpack (>= 3.1)
      less (~> 2.3.1)
    libv8 (3.11.8.17)
    mail (2.5.4)
      mime-types (~> 1.16)
      treetop (~> 1.4.8)
    method_source (0.8.1)
    mime-types (1.23)
    mini_magick (3.6.0)
      subexec (~> 0.2.1)
    mongo (1.9.0)
      bson (~> 1.9.0)
    mongoid (3.1.4)
      activemodel (~> 3.2)
      moped (~> 1.4)
      origin (~> 1.0)
      tzinfo (~> 0.3.22)
    mongoid-grid_fs (1.8.0)
      mime-types (~> 1.19)
      mongoid (~> 3.0)
    mongoid_location (0.3.3)
      activesupport (~> 3.0)
      mongoid (>= 2.5.0)
      rgeo (>= 0.3.5)
    mono_logger (1.1.0)
    moped (1.5.0)
    multi_json (1.7.7)
    multi_xml (0.5.4)
    multipart-post (1.2.0)
    mysql2 (0.3.11)
    net-scp (1.1.1)
      net-ssh (>= 2.6.5)
    net-sftp (2.1.2)
      net-ssh (>= 2.6.5)
    net-ssh (2.6.7)
    net-ssh-gateway (1.2.0)
      net-ssh (>= 2.6.5)
    nokogiri (1.5.10)
    oauth (0.4.7)
    oauth2 (0.5.2)
      faraday (~> 0.7)
      multi_json (~> 1.0)
    omniauth (1.1.4)
      hashie (>= 1.2, < 3)
      rack
    omniauth-oauth (1.0.1)
      oauth
      omniauth (~> 1.0)
    omniauth-oauth2 (1.0.0)
      oauth2 (~> 0.5.0)
      omniauth (~> 1.0)
    omniauth-twitter (1.0.0)
      multi_json (~> 1.3)
      omniauth-oauth (~> 1.0)
    omniauth-weibo-oauth2 (0.3.0)
      omniauth (~> 1.0)
      omniauth-oauth2 (~> 1.0)
    origin (1.1.0)
    orm_adapter (0.4.0)
    polyglot (0.3.3)
    pry (0.9.12.2)
      coderay (~> 1.0.5)
      method_source (~> 0.8)
      slop (~> 3.4)
    pry-nav (0.2.3)
      pry (~> 0.9.10)
    quiet_assets (1.0.2)
      railties (>= 3.1, < 5.0)
    rack (1.4.5)
    rack-cache (1.2)
      rack (>= 0.4)
    rack-mini-profiler (0.1.27)
      rack (>= 1.1.3)
    rack-protection (1.5.0)
      rack
    rack-ssl (1.3.3)
      rack
    rack-test (0.6.2)
      rack (>= 1.0)
    rails (3.2.13)
      actionmailer (= 3.2.13)
      actionpack (= 3.2.13)
      activerecord (= 3.2.13)
      activeresource (= 3.2.13)
      activesupport (= 3.2.13)
      bundler (~> 1.0)
      railties (= 3.2.13)
    rails3-generators (1.0.0)
      railties (>= 3.0.0)
    rails_config (0.3.3)
      activesupport (>= 3.0)
    railties (3.2.13)
      actionpack (= 3.2.13)
      activesupport (= 3.2.13)
      rack-ssl (~> 1.3.2)
      rake (>= 0.8.7)
      rdoc (~> 3.4)
      thor (>= 0.14.6, < 2.0)
    rake (10.1.0)
    rdoc (3.12.2)
      json (~> 1.4)
    redis (3.0.4)
    redis-activesupport (3.2.3)
      activesupport (~> 3.2.3)
      redis-store (~> 1.1.0)
    redis-namespace (1.3.0)
      redis (~> 3.0.0)
    redis-objects (0.7.0)
      redis (>= 3.0.2)
    redis-store (1.1.3)
      redis (>= 2.2.0)
    ref (1.0.5)
    resque (1.24.1)
      mono_logger (~> 1.0)
      multi_json (~> 1.0)
      redis-namespace (~> 1.2)
      sinatra (>= 0.9.2)
      vegas (~> 0.1.2)
    resque-scheduler (2.0.1)
      redis (>= 2.0.1)
      resque (>= 1.20.0)
      rufus-scheduler
    rest-client (1.6.7)
      mime-types (>= 1.16)
    rgeo (0.3.20)
    rspec-core (2.13.1)
    rspec-expectations (2.13.0)
      diff-lcs (>= 1.1.3, < 2.0)
    rspec-mocks (2.13.1)
    rspec-rails (2.13.2)
      actionpack (>= 3.0)
      activesupport (>= 3.0)
      railties (>= 3.0)
      rspec-core (~> 2.13.0)
      rspec-expectations (~> 2.13.0)
      rspec-mocks (~> 2.13.0)
    rufus-scheduler (2.0.19)
      tzinfo (>= 0.3.23)
    rvm-capistrano (1.3.4)
      capistrano (>= 2.0.0)
    safe_yaml (0.9.3)
    sass (3.2.9)
    sass-rails (3.2.6)
      railties (~> 3.2.0)
      sass (>= 3.1.10)
      tilt (~> 1.3)
    simple_form (2.1.0)
      actionpack (~> 3.0)
      activemodel (~> 3.0)
    sinatra (1.4.3)
      rack (~> 1.4)
      rack-protection (~> 1.4)
      tilt (~> 1.3, >= 1.3.4)
    sitemap_generator (4.1.0)
      builder
    slop (3.4.5)
    spork (0.9.2)
    sprockets (2.2.2)
      hike (~> 1.2)
      multi_json (~> 1.0)
      rack (~> 1.0)
      tilt (~> 1.1, != 1.3.0)
    sqlite3 (1.3.7)
    state_machine (1.2.0)
    subexec (0.2.3)
    therubyracer (0.11.4)
      libv8 (~> 3.11.8.12)
      ref
    thin (1.5.1)
      daemons (>= 1.0.9)
      eventmachine (>= 0.12.6)
      rack (>= 1.0.0)
    thor (0.18.1)
    tilt (1.4.1)
    tire (0.6.0)
      activemodel (>= 3.0)
      activesupport
      ansi
      hashr (~> 0.0.19)
      multi_json (~> 1.3)
      rake
      rest-client (~> 1.6)
    treetop (1.4.14)
      polyglot
      polyglot (>= 0.3.1)
    twitter-bootstrap-rails (2.2.7)
      actionpack (>= 3.1)
      execjs
      rails (>= 3.1)
      railties (>= 3.1)
    typhoeus (0.3.3)
      mime-types
    tzinfo (0.3.37)
    uglifier (2.1.1)
      execjs (>= 0.3.0)
      multi_json (~> 1.0, >= 1.0.2)
    vegas (0.1.11)
      rack (>= 1.0.0)
    warden (1.2.1)
      rack (>= 1.0)
    weibo (0.0.14)
      crack
      hashie
      hashie
      httparty
      httparty (>= 0.5.2)
      jeweler
      oauth
      oauth (~> 0.4.1)
    weibo2 (0.1.0)
      oauth2 (~> 0.5.1)
    weibo2_plugins (0.0.6)
      oauth2 (~> 0.5.1)
      typhoeus (= 0.3.3)
      weibo2 (~> 0.1.0)
    will_paginate (3.0.4)
    will_paginate-bootstrap (0.2.3)
      will_paginate (>= 3.0.3)
    will_paginate_mongoid (1.1.0)
      mongoid (>= 2.4)
      will_paginate (~> 3.0)

PLATFORMS
  ruby

DEPENDENCIES
  acts_as_list
  bson_ext
  capistrano
  carrierwave
  carrierwave-aliyun
  carrierwave-mongoid
  coffee-rails
  devise
  factory_girl_rails
  htmldiff
  jquery-rails (= 2.0.2)
  kaminari
  less-rails
  mini_magick
  mongo
  mongoid
  mongoid_location
  mysql2
  nokogiri
  omniauth
  omniauth-twitter
  omniauth-weibo-oauth2
  pry
  pry-nav
  quiet_assets
  rack-mini-profiler
  rails (~> 3.2.13)
  rails3-generators
  rails_config
  redis
  redis-activesupport
  redis-objects
  resque
  resque-scheduler
  rest-client
  rspec-rails
  rvm-capistrano
  sass-rails
  simple_form
  sitemap_generator
  spork (>= 0.9.0)
  sqlite3
  state_machine
  therubyracer
  thin
  tire
  twitter-bootstrap-rails
  typhoeus
  uglifier
  weibo
  weibo2
  weibo2_plugins
  will_paginate
  will_paginate-bootstrap
  will_paginate_mongoid
